GIT
  remote: git@github.com:voxmedia/capistrano-docker.git
  revision: 2e393db573790cb12611a68c5250ec05527905b4
  tag: 1.196
  specs:
    capistrano-docker (1.196)
      capistrano (>= 2.13.5, < 2.16)
      jenkins_api_client (~> 1.5.3)

GEM
  remote: https://rubygems.org/
  specs:
    capistrano (2.15.9)
      highline
      net-scp (>= 1.0.0)
      net-sftp (>= 2.0.0)
      net-ssh (>= 2.0.14)
      net-ssh-gateway (>= 1.1.0)
    capistrano-slack-notify (1.3.3)
      capistrano (~> 2.10)
    highline (1.7.10)
    jenkins_api_client (1.5.3)
      json (>= 1.0)
      mixlib-shellout (>= 1.1.0)
      nokogiri (~> 1.6)
      socksify (>= 1.7.0)
      terminal-table (>= 1.4.0)
      thor (>= 0.16.0)
    json (2.1.0)
    mini_portile2 (2.3.0)
    mixlib-shellout (2.3.2)
    net-scp (1.2.1)
      net-ssh (>= 2.6.5)
    net-sftp (2.1.2)
      net-ssh (>= 2.6.5)
    net-ssh (4.2.0)
    net-ssh-gateway (2.0.0)
      net-ssh (>= 4.0.0)
    nokogiri (1.8.2)
      mini_portile2 (~> 2.3.0)
    socksify (1.7.1)
    terminal-table (1.8.0)
      unicode-display_width (~> 1.1, >= 1.1.1)
    thor (0.20.0)
    unicode-display_width (1.3.0)

PLATFORMS
  ruby

DEPENDENCIES
  capistrano (~> 2.15.5)
  capistrano-docker!
  capistrano-slack-notify (~> 1.3.0)
  nokogiri (~> 1.8.2)

BUNDLED WITH
   1.16.1